PATH
  remote: .
  specs:
    simple-view (0.0.3)

GEM
  remote: https://rubygems.org/
  specs:

PLATFORMS
  ruby

DEPENDENCIES
  simple-view!
